GEM
  remote: https://rubygems.org/
  specs:
    debase (0.2.1)
      debase-ruby_core_source
    debase-ruby_core_source (0.9.2)
    rack (1.6.4)
    rack-protection (1.5.3)
      rack
    rake (11.3.0)
    ruby-debug-ide (0.6.0)
      rake (>= 0.8.1)
    sinatra (1.4.7)
      rack (~> 1.5)
      rack-protection (~> 1.4)
      tilt (>= 1.3, < 3)
    tilt (2.0.5)

PLATFORMS
  ruby

DEPENDENCIES
  debase
  ruby-debug-ide
  sinatra

BUNDLED WITH
   1.13.6
